GEM
  remote: https://rubygems.org/
  specs:
    benchmark (0.4.0)
    erubi (1.13.1)
    html_slice (0.2.0)

PLATFORMS
  ruby
  x86_64-linux

DEPENDENCIES
  benchmark
  erubi
  html_slice

BUNDLED WITH
   2.5.17
