GEM
  remote: https://rubygems.org/
  specs:
    benchmark (0.4.0)
    builder (3.3.0)
    byebug (11.1.3)
    erubi (1.13.1)
    escape_utils (1.3.0)
    html_slice (0.2.1)
    kramdown (2.5.1)
      rexml (>= 3.3.9)
    kramdown-parser-gfm (1.1.0)
      kramdown (~> 2.0)
    markaby (0.9.4)
      builder
    ostruct (0.6.1)
    papercraft (1.3)
      escape_utils (~> 1.3.0)
      kramdown (~> 2.5.1)
      kramdown-parser-gfm (~> 1.1.0)
      rouge (~> 4.5.1)
      sirop (~> 0.4)
    phlex (1.11.0)
    prism (0.27.0)
    rexml (3.4.0)
    rouge (4.5.1)
    sirop (0.4)
      prism (~> 0.27.0)

PLATFORMS
  ruby
  x86_64-linux

DEPENDENCIES
  benchmark
  byebug
  erubi
  html_slice
  markaby
  ostruct
  papercraft
  phlex

BUNDLED WITH
   2.5.17
