GEM
  remote: https://rubygems.org/
  specs:
    benchmark (0.4.0)
    builder (3.3.0)
    byebug (11.1.3)
    erubi (1.13.1)
    escape_utils (1.3.0)
    haml (6.3.0)
      temple (>= 0.8.2)
      thor
      tilt
    html_slice (0.2.1)
    kramdown (2.5.1)
      rexml (>= 3.3.9)
    kramdown-parser-gfm (1.1.0)
      kramdown (~> 2.0)
    markaby (0.9.4)
      builder
    ostruct (0.6.1)
    papercraft (1.4)
      escape_utils (~> 1.3.0)
      kramdown (~> 2.5.1)
      kramdown-parser-gfm (~> 1.1.0)
      rouge (~> 4.5.1)
      sirop (~> 0.5)
    phlex (1.11.0)
    prism (0.27.0)
    rexml (3.4.0)
    rouge (4.5.1)
    sirop (0.5)
      prism (~> 0.27.0)
    slim (5.2.1)
      temple (~> 0.10.0)
      tilt (>= 2.1.0)
    temple (0.10.3)
    thor (1.3.2)
    tilt (2.6.0)

PLATFORMS
  ruby
  x86_64-linux

DEPENDENCIES
  benchmark
  byebug
  erubi
  haml
  html_slice
  markaby
  ostruct
  papercraft
  phlex
  slim

BUNDLED WITH
   2.6.3
